GEM
  remote: http://rubygems.org/
  specs:
    actionmailer (1.1.5)
      actionpack (= 1.11.2)
    actionpack (1.11.2)
      activesupport (= 1.2.5)
    actionwebservice (1.0.0)
      actionpack (= 1.11.2)
      activerecord (= 1.13.2)
    activerecord (1.13.2)
      activesupport (= 1.2.5)
    activesupport (1.2.5)
    rails (1.0.0)
      actionmailer (= 1.1.5)
      actionpack (= 1.11.2)
      actionwebservice (= 1.0.0)
      activerecord (= 1.13.2)
      activesupport (= 1.2.5)
      rake (>= 0.6.2)
    rake (10.3.2)
    sqlite3 (1.3.9)
    sqlite3-ruby (1.3.3)
      sqlite3 (>= 1.3.3)

PLATFORMS
  ruby

DEPENDENCIES
  rails (= 1.0.0)
  sqlite3-ruby (= 1.3.3)
